GEM
  remote: https://rubygems.org/
  specs:
    corefoundation (0.2.0)
      ffi
    ffi (1.8.1)

PLATFORMS
  ruby

DEPENDENCIES
  corefoundation (~> 0.2.0)
  ffi (~> 1.8.1)
