GIT
  remote: https://github.com/tmaher/corefoundation.git
  revision: 73a97c6e7d268d21d17f671c94e98185153c5e3f
  specs:
    corefoundation (0.1.4)
      ffi

PATH
  remote: .
  specs:
    yakg (0.0.0)
      corefoundation
      ffi

GEM
  remote: https://rubygems.org/
  specs:
    diff-lcs (1.1.3)
    excon (0.16.10)
    ffi (1.2.0)
    highline (1.6.15)
    rake (10.0.2)
    rspec (2.12.0)
      rspec-core (~> 2.12.0)
      rspec-expectations (~> 2.12.0)
      rspec-mocks (~> 2.12.0)
    rspec-core (2.12.0)
    rspec-expectations (2.12.0)
      diff-lcs (~> 1.1.3)
    rspec-mocks (2.12.0)
    woof_util (0.0.16)
      excon (~> 0.16.10)
      highline (~> 1.6.15)

PLATFORMS
  ruby

DEPENDENCIES
  corefoundation!
  rake
  rspec
  woof_util
  yakg!
