PATH
  remote: .
  specs:
    yakg (0.0.2)
      corefoundation
      ffi

GEM
  remote: https://rubygems.org/
  specs:
    corefoundation (0.2.0)
      ffi
    diff-lcs (1.1.3)
    excon (0.16.10)
    ffi (1.3.1)
    highline (1.6.15)
    netrc (0.7.7)
    rake (10.0.3)
    rspec (2.12.0)
      rspec-core (~> 2.12.0)
      rspec-expectations (~> 2.12.0)
      rspec-mocks (~> 2.12.0)
    rspec-core (2.12.2)
    rspec-expectations (2.12.1)
      diff-lcs (~> 1.1.3)
    rspec-mocks (2.12.2)
    woof_util (0.0.16)
      excon (~> 0.16.10)
      highline (~> 1.6.15)

PLATFORMS
  ruby

DEPENDENCIES
  corefoundation
  netrc
  rake
  rspec
  woof_util
  yakg!
