PATH
  remote: .
  specs:
    yakg (0.0.10)

GEM
  remote: https://rubygems.org/
  specs:
    corefoundation (0.2.0)
      ffi
    diff-lcs (1.2.4)
    excon (0.16.10)
    ffi (1.8.1)
    highline (1.6.18)
    netrc (0.7.7)
    rake (10.1.0)
    rspec (2.13.0)
      rspec-core (~> 2.13.0)
      rspec-expectations (~> 2.13.0)
      rspec-mocks (~> 2.13.0)
    rspec-core (2.13.1)
    rspec-expectations (2.13.0)
      diff-lcs (>= 1.1.3, < 2.0)
    rspec-mocks (2.13.1)
    woof_util (0.0.16)
      excon (~> 0.16.10)
      highline (~> 1.6.15)

PLATFORMS
  ruby

DEPENDENCIES
  corefoundation
  ffi (~> 1.8.1)
  netrc
  rake
  rspec
  woof_util
  yakg!
